GEM
  specs:
    braintree (2.57.0)
      builder (>= 2.0.0)
    builder (3.2.2)
    json (1.8.3)
    rack (1.6.4)
    rack-protection (1.5.3)
      rack
    sinatra (1.4.7)
      rack (~> 1.5)
      rack-protection (~> 1.4)
      tilt (>= 1.3, < 3)
    tilt (2.0.2)

PLATFORMS
  ruby

DEPENDENCIES
  braintree
  json
  sinatra

BUNDLED WITH
   1.10.6
